GEM
  remote: https://rubygems.org/
  specs:
    highline (2.0.0)

PLATFORMS
  x64-mingw32

DEPENDENCIES
  highline

BUNDLED WITH
   2.0.1
